GEM
  remote: http://rubygems.org/
  specs:
    BlueCloth (1.0.1)
    chunky_png (1.1.1)
    clip (1.0.2)
    compass (0.11.1)
      chunky_png (~> 1.1)
      fssm (>= 0.2.7)
      sass (~> 3.1)
    cri (1.0.1)
    fssm (0.2.7)
    haml (3.1.1)
    highline (1.6.1)
    nanoc (3.1.7)
      nanoc3 (>= 3.1.7)
    nanoc3 (3.1.7)
      cri (>= 1.0.0)
    nokogiri (1.4.4)
    rack (1.2.2)
    rdiscount (1.6.8)
    sass (3.1.1)

PLATFORMS
  ruby

DEPENDENCIES
  BlueCloth (~> 1.0)
  clip (~> 1.0)
  compass (~> 0.11)
  haml (~> 3.1)
  highline (~> 1.5)
  nanoc (~> 3.1.7)
  nokogiri (~> 1.4)
  rack (~> 1.2)
  rdiscount (~> 1.6)
